GEM
  remote: https://rubygems.org/
  specs:
    thor (0.20.3)

PLATFORMS
  ruby

DEPENDENCIES
  thor (~> 0.20.3)

BUNDLED WITH
   2.0.1
